GIT
  remote: git://github.com/rails/rails.git
  revision: f33ee69
  specs:
    actionmailer (3.0.0.beta4)
      actionpack (= 3.0.0.beta4)
      mail (~> 2.2.3)
    actionpack (3.0.0.beta4)
      activemodel (= 3.0.0.beta4)
      activesupport (= 3.0.0.beta4)
      builder (~> 2.1.2)
      erubis (~> 2.6.6)
      i18n (~> 0.4.1)
      rack (~> 1.2.1)
      rack-test (~> 0.5.4)
      tzinfo (~> 0.3.16)
    activemodel (3.0.0.beta4)
      activesupport (= 3.0.0.beta4)
      builder (~> 2.1.2)
      i18n (~> 0.4.1)
    activerecord (3.0.0.beta4)
      activemodel (= 3.0.0.beta4)
      activesupport (= 3.0.0.beta4)
      arel (~> 0.4.0)
      tzinfo (~> 0.3.16)
    activeresource (3.0.0.beta4)
      activemodel (= 3.0.0.beta4)
      activesupport (= 3.0.0.beta4)
    activesupport (3.0.0.beta4)
    rails (3.0.0.beta4)
      actionmailer (= 3.0.0.beta4)
      actionpack (= 3.0.0.beta4)
      activerecord (= 3.0.0.beta4)
      activeresource (= 3.0.0.beta4)
      activesupport (= 3.0.0.beta4)
      bundler (>= 1.0.0.beta.3)
      railties (= 3.0.0.beta4)
    railties (3.0.0.beta4)
      actionpack (= 3.0.0.beta4)
      activesupport (= 3.0.0.beta4)
      rake (>= 0.8.3)
      thor (~> 0.13.7)

GIT
  remote: http://github.com/jnicklas/carrierwave.git
  revision: d5a4088
  specs:
    carrierwave (0.4.4)

GEM
  remote: http://rubygems.org/
  specs:
    abstract (1.0.0)
    acts-as-taggable-on (2.1.0)
    arel (0.4.0)
      activesupport (>= 3.0.0.beta)
    builder (2.1.2)
    daemons (1.0.10)
    erubis (2.6.6)
      abstract (>= 1.0.0)
    gem_plugin (0.2.3)
    i18n (0.4.1)
    mail (2.2.5)
      activesupport (>= 2.3.6)
      mime-types
      treetop (>= 1.4.5)
    mime-types (1.16)
    mongrel (1.2.0.pre2)
      daemons (~> 1.0.10)
      gem_plugin (~> 0.2.3)
    polyglot (0.3.1)
    rack (1.2.1)
    rack-test (0.5.4)
      rack (>= 1.0)
    rake (0.8.7)
    rmagick (2.13.1)
    rubyzip (0.9.4)
    sqlite3-ruby (1.3.1)
    thor (0.13.7)
    treetop (1.4.8)
      polyglot (>= 0.3.1)
    tzinfo (0.3.22)
    will_paginate (3.0.pre)

PLATFORMS
  ruby

DEPENDENCIES
  acts-as-taggable-on (= 2.1.0)
  carrierwave!
  mongrel (= 1.2.0.pre2)
  rails!
  rmagick
  rubyzip (= 0.9.4)
  sqlite3-ruby
  will_paginate (= 3.0.pre)
